GEM
  remote: http://rubygems.org/
  specs:
    activemodel (3.2.8)
      activesupport (= 3.2.8)
      builder (~> 3.0.0)
    activerecord (3.2.8)
      activemodel (= 3.2.8)
      activesupport (= 3.2.8)
      arel (~> 3.0.2)
      tzinfo (~> 0.3.29)
    activesupport (3.2.8)
      i18n (~> 0.6)
      multi_json (~> 1.0)
    addressable (2.3.2)
    arel (3.0.2)
    builder (3.0.4)
    commonjs (0.2.6)
    daemons (1.1.9)
    diff-lcs (1.1.3)
    erubis (2.7.0)
    eventmachine (1.0.0)
    excon (0.16.4)
    fog (1.6.0)
      builder
      excon (~> 0.14)
      formatador (~> 0.2.0)
      mime-types
      multi_json (~> 1.0)
      net-scp (~> 1.0.4)
      net-ssh (>= 2.1.3)
      nokogiri (~> 1.5.0)
      ruby-hmac
    formatador (0.2.3)
    heroku (2.32.14)
      heroku-api (~> 0.3.5)
      launchy (>= 0.3.2)
      netrc (~> 0.7.7)
      rest-client (~> 1.6.1)
      rubyzip
    heroku-api (0.3.5)
      excon (~> 0.16.1)
    http_router (0.10.2)
      rack (>= 1.0.0)
      url_mount (~> 0.2.1)
    i18n (0.6.1)
    jruby-pageant (1.1.1)
    launchy (2.1.2)
      addressable (~> 2.3)
    less (2.2.2)
      commonjs (~> 0.2.6)
    libv8 (3.3.10.4)
    mail (2.3.3)
      i18n (>= 0.4.0)
      mime-types (~> 1.16)
      treetop (~> 1.4.8)
    mime-types (1.19)
    mini_magick (3.4)
      subexec (~> 0.2.1)
    multi_json (1.3.6)
    net-scp (1.0.4)
      net-ssh (>= 1.99.1)
    net-ssh (2.6.0)
      jruby-pageant (>= 1.1.1)
    netrc (0.7.7)
    nokogiri (1.5.5)
    padrino (0.10.7)
      padrino-admin (= 0.10.7)
      padrino-cache (= 0.10.7)
      padrino-core (= 0.10.7)
      padrino-gen (= 0.10.7)
      padrino-helpers (= 0.10.7)
      padrino-mailer (= 0.10.7)
    padrino-admin (0.10.7)
      padrino-core (= 0.10.7)
      padrino-helpers (= 0.10.7)
    padrino-cache (0.10.7)
      padrino-core (= 0.10.7)
    padrino-core (0.10.7)
      activesupport (~> 3.2.0)
      http_router (~> 0.10.2)
      sinatra (~> 1.3.1)
      thor (~> 0.15.2)
      tilt (~> 1.3.0)
    padrino-gen (0.10.7)
      bundler (~> 1.0)
      padrino-core (= 0.10.7)
    padrino-helpers (0.10.7)
      i18n (~> 0.6)
      padrino-core (= 0.10.7)
    padrino-mailer (0.10.7)
      mail (~> 2.3.0)
      padrino-core (= 0.10.7)
    polyglot (0.3.3)
    rack (1.4.1)
    rack-less (3.0.2)
      less (~> 2.0)
      rack (~> 1.0)
    rack-protection (1.2.0)
      rack
    rack-test (0.6.2)
      rack (>= 1.0)
    rake (0.9.2.2)
    rest-client (1.6.7)
      mime-types (>= 1.16)
    rspec (2.11.0)
      rspec-core (~> 2.11.0)
      rspec-expectations (~> 2.11.0)
      rspec-mocks (~> 2.11.0)
    rspec-core (2.11.1)
    rspec-expectations (2.11.3)
      diff-lcs (~> 1.1.3)
    rspec-mocks (2.11.3)
    ruby-hmac (0.4.0)
    rubyzip (0.9.9)
    shotgun (0.9)
      rack (>= 1.0)
    sinatra (1.3.3)
      rack (~> 1.3, >= 1.3.6)
      rack-protection (~> 1.2)
      tilt (~> 1.3, >= 1.3.3)
    sinatra-flash (0.3.0)
      sinatra (>= 1.0.0)
    subexec (0.2.2)
    therubyracer (0.10.2)
      libv8 (~> 3.3.10)
    thin (1.5.0)
      daemons (>= 1.0.9)
      eventmachine (>= 0.12.6)
      rack (>= 1.0.0)
    thor (0.15.4)
    tilt (1.3.3)
    treetop (1.4.11)
      polyglot
      polyglot (>= 0.3.1)
    tzinfo (0.3.33)
    url_mount (0.2.1)
      rack

PLATFORMS
  ruby

DEPENDENCIES
  activerecord
  erubis (~> 2.7.0)
  fog
  heroku
  less
  mini_magick
  padrino (>= 0.10.7)
  rack-less
  rack-test
  rake
  rspec
  shotgun
  sinatra-flash
  therubyracer
  thin
