GEM
  remote: https://rubygems.org/
  specs:
    addressable (2.8.1)
      public_suffix (>= 2.0.2, < 6.0)
    ast (2.4.2)
    builder (3.2.4)
    daemons (1.4.1)
    declarative (0.0.20)
    erubis (2.7.0)
    eventmachine (1.2.7)
    excon (0.94.0)
    faraday (2.7.0)
      faraday-net_http (>= 2.0, < 3.1)
      ruby2_keywords (>= 0.0.4)
    faraday-net_http (3.0.2)
    fog-core (2.2.4)
      builder
      excon (~> 0.71)
      formatador (~> 0.2)
      mime-types
    fog-google (1.19.0)
      fog-core (< 2.3)
      fog-json (~> 1.2)
      fog-xml (~> 0.1.0)
      google-apis-compute_v1 (~> 0.14)
      google-apis-dns_v1 (~> 0.12)
      google-apis-iamcredentials_v1 (~> 0.6)
      google-apis-monitoring_v3 (~> 0.12)
      google-apis-pubsub_v1 (~> 0.7)
      google-apis-sqladmin_v1beta4 (~> 0.13)
      google-apis-storage_v1 (~> 0.6)
      google-cloud-env (~> 1.2)
    fog-json (1.2.0)
      fog-core
      multi_json (~> 1.10)
    fog-xml (0.1.4)
      fog-core
      nokogiri (>= 1.5.11, < 2.0.0)
    formatador (0.3.0)
    google-apis-compute_v1 (0.55.0)
      google-apis-core (>= 0.9.1, < 2.a)
    google-apis-core (0.9.1)
      addressable (~> 2.5, >= 2.5.1)
      googleauth (>= 0.16.2, < 2.a)
      httpclient (>= 2.8.1, < 3.a)
      mini_mime (~> 1.0)
      representable (~> 3.0)
      retriable (>= 2.0, < 4.a)
      rexml
      webrick
    google-apis-dns_v1 (0.28.0)
      google-apis-core (>= 0.9.0, < 2.a)
    google-apis-iamcredentials_v1 (0.16.0)
      google-apis-core (>= 0.9.1, < 2.a)
    google-apis-monitoring_v3 (0.38.0)
      google-apis-core (>= 0.9.1, < 2.a)
    google-apis-pubsub_v1 (0.31.0)
      google-apis-core (>= 0.9.1, < 2.a)
    google-apis-sqladmin_v1beta4 (0.40.0)
      google-apis-core (>= 0.9.1, < 2.a)
    google-apis-storage_v1 (0.20.0)
      google-apis-core (>= 0.9.1, < 2.a)
    google-cloud-env (1.6.0)
      faraday (>= 0.17.3, < 3.0)
    googleauth (1.3.0)
      faraday (>= 0.17.3, < 3.a)
      jwt (>= 1.4, < 3.0)
      memoist (~> 0.16)
      multi_json (~> 1.11)
      os (>= 0.9, < 2.0)
      signet (>= 0.16, < 2.a)
    httpclient (2.8.3)
    json (2.6.2)
    jwt (2.5.0)
    memoist (0.16.2)
    mime-types (3.4.1)
      mime-types-data (~> 3.2015)
    mime-types-data (3.2022.0105)
    mini_magick (4.11.0)
    mini_mime (1.1.2)
    mini_portile2 (2.8.0)
    multi_json (1.15.0)
    mustermann (3.0.0)
      ruby2_keywords (~> 0.0.1)
    nokogiri (1.13.9)
      mini_portile2 (~> 2.8.0)
      racc (~> 1.4)
    nokogiri (1.13.9-x86_64-darwin)
      racc (~> 1.4)
    oj (3.13.23)
    oj_mimic_json (1.0.1)
    os (1.1.4)
    parallel (1.22.1)
    parser (3.1.2.1)
      ast (~> 2.4.1)
    public_suffix (5.0.0)
    racc (1.6.0)
    rack (2.2.6.2)
    rack-protection (3.0.3)
      rack
    rainbow (3.1.1)
    rake (13.0.6)
    regexp_parser (2.6.1)
    representable (3.2.0)
      declarative (< 0.1.0)
      trailblazer-option (>= 0.1.1, < 0.2.0)
      uber (< 0.2.0)
    retriable (3.1.2)
    rexml (3.2.5)
    rubocop (1.39.0)
      json (~> 2.3)
      parallel (~> 1.10)
      parser (>= 3.1.2.1)
      rainbow (>= 2.2.2, < 4.0)
      regexp_parser (>= 1.8, < 3.0)
      rexml (>= 3.2.5, < 4.0)
      rubocop-ast (>= 1.23.0, < 2.0)
      ruby-progressbar (~> 1.7)
      unicode-display_width (>= 1.4.0, < 3.0)
    rubocop-ast (1.23.0)
      parser (>= 3.1.1.0)
    ruby-progressbar (1.11.0)
    ruby2_keywords (0.0.5)
    shotgun (0.9.2)
      rack (>= 1.0)
    signet (0.17.0)
      addressable (~> 2.8)
      faraday (>= 0.17.5, < 3.a)
      jwt (>= 1.5, < 3.0)
      multi_json (~> 1.10)
    sinatra (3.0.3)
      mustermann (~> 3.0)
      rack (~> 2.2, >= 2.2.4)
      rack-protection (= 3.0.3)
      tilt (~> 2.0)
    thin (1.8.1)
      daemons (~> 1.0, >= 1.0.9)
      eventmachine (~> 1.0, >= 1.0.4)
      rack (>= 1, < 3)
    tilt (2.0.11)
    trailblazer-option (0.1.2)
    uber (0.1.0)
    unf (0.1.4)
      unf_ext
    unf_ext (0.0.8.2)
    unicode-display_width (2.3.0)
    webrick (1.7.0)

PLATFORMS
  ruby
  x86_64-darwin-19
  x86_64-darwin-20

DEPENDENCIES
  erubis (~> 2.7.0)
  fog-google (>= 1.13.0)
  mime-types
  mini_magick (>= 4.9.4)
  oj
  oj_mimic_json
  rake (>= 12.3.3)
  rubocop
  shotgun (>= 0.9.2)
  sinatra (>= 2.0.8.1)
  thin (>= 1.7.2)
  unf

RUBY VERSION
   ruby 2.7.2p137

BUNDLED WITH
   2.1.4
